PATH
  remote: .
  specs:
    around_the_world (0.23.8)
      activesupport (>= 5.2.1)
    redis_hash (0.23.8)
      activesupport (>= 5.2.1)
      redis (>= 3.0)
      tablesalt (= 0.23.8)
    rspice (0.23.8)
      faker (>= 1.8, < 3.0)
      rspec (~> 3.0)
    short_circu_it (0.23.8)
      activesupport (>= 5.2.1)
      around_the_world (= 0.23.8)
    spicerack (0.23.8)
      around_the_world (= 0.23.8)
      redis_hash (= 0.23.8)
      short_circu_it (= 0.23.8)
      tablesalt (= 0.23.8)
      technologic (= 0.23.8)
    spicerack-styleguide (0.23.8)
      rubocop (= 0.74)
      rubocop-performance (= 1.4.1)
      rubocop-rails (= 2.3.0)
      rubocop-rspec (= 1.35.0)
    tablesalt (0.23.8)
      activemodel (>= 5.2.1)
      activesupport (>= 5.2.1)
    technologic (0.23.8)
      activesupport (>= 5.2.1)
      short_circu_it (= 0.23.8)

GEM
  remote: https://rubygems.org/
  specs:
    activemodel (6.0.3.1)
      activesupport (= 6.0.3.1)
    activerecord (6.0.3.1)
      activemodel (= 6.0.3.1)
      activesupport (= 6.0.3.1)
    activesupport (6.0.3.1)
      concurrent-ruby (~> 1.0, >= 1.0.2)
      i18n (>= 0.7, < 2)
      minitest (~> 5.1)
      tzinfo (~> 1.1)
      zeitwerk (~> 2.2, >= 2.2.2)
    ast (2.4.0)
    coderay (1.1.2)
    concurrent-ruby (1.1.6)
    diff-lcs (1.3)
    docile (1.3.2)
    faker (1.9.6)
      i18n (>= 0.7)
    i18n (1.8.2)
      concurrent-ruby (~> 1.0)
    jaro_winkler (1.5.4)
    json (2.3.0)
    method_source (0.8.2)
    minitest (5.14.1)
    parallel (1.19.1)
    parser (2.7.1.3)
      ast (~> 2.4.0)
    pry (0.10.4)
      coderay (~> 1.1.0)
      method_source (~> 0.8.1)
      slop (~> 3.4)
    pry-nav (0.3.0)
      pry (>= 0.9.10, < 0.13.0)
    rack (2.2.2)
    rainbow (3.0.0)
    rake (13.0.1)
    redis (4.2.0)
    rspec (3.9.0)
      rspec-core (~> 3.9.0)
      rspec-expectations (~> 3.9.0)
      rspec-mocks (~> 3.9.0)
    rspec-core (3.9.1)
      rspec-support (~> 3.9.1)
    rspec-expectations (3.9.0)
      diff-lcs (>= 1.2.0, < 2.0)
      rspec-support (~> 3.9.0)
    rspec-mocks (3.9.1)
      diff-lcs (>= 1.2.0, < 2.0)
      rspec-support (~> 3.9.0)
    rspec-support (3.9.2)
    rubocop (0.74.0)
      jaro_winkler (~> 1.5.1)
      parallel (~> 1.10)
      parser (>= 2.6)
      rainbow (>= 2.2.2, < 4.0)
      ruby-progressbar (~> 1.7)
      unicode-display_width (>= 1.4.0, < 1.7)
    rubocop-performance (1.4.1)
      rubocop (>= 0.71.0)
    rubocop-rails (2.3.0)
      rack (>= 1.1)
      rubocop (>= 0.72.0)
    rubocop-rspec (1.35.0)
      rubocop (>= 0.60.0)
    ruby-progressbar (1.10.1)
    shoulda-matchers (4.0.1)
      activesupport (>= 4.2.0)
    simplecov (0.17.1)
      docile (~> 1.1)
      json (>= 1.8, < 3)
      simplecov-html (~> 0.10.0)
    simplecov-html (0.10.2)
    slop (3.6.0)
    sqlite3 (1.4.2)
    thread_safe (0.3.6)
    tzinfo (1.2.7)
      thread_safe (~> 0.1)
    unicode-display_width (1.6.1)
    will_paginate (3.1.8)
    zeitwerk (2.3.0)

PLATFORMS
  ruby

DEPENDENCIES
  activerecord (>= 5.2.1)
  bundler (>= 2.0.1)
  faker (>= 1.8, < 2.0)
  pry (~> 0.10.0)
  pry-nav (>= 0.2.4)
  rake (>= 10.0)
  rspec (~> 3.0)
  rspice (= 0.23.8)
  shoulda-matchers (= 4.0.1)
  simplecov (~> 0.16)
  spicerack!
  spicerack-styleguide (= 0.23.8)
  sqlite3 (>= 1.3.6, < 2.0.0)
  will_paginate (~> 3.1.1)

BUNDLED WITH
   2.1.4
