PATH
  remote: .
  specs:
    around_the_world (0.8.2)
      activesupport (~> 5.2.1)
    instructor (0.8.2)
      activemodel (~> 5.2.1)
      activesupport (~> 5.2.1)
    rspice (0.8.2)
      faker (~> 1.8)
      rspec (~> 3.0)
    short_circu_it (0.8.2)
      activesupport (~> 5.2.1)
      around_the_world (= 0.8.2)
    spicerack (0.8.2)
      around_the_world (= 0.8.2)
      instructor (= 0.8.2)
      short_circu_it (= 0.8.2)
      tablesalt (= 0.8.2)
      technologic (= 0.8.2)
    spicerack-styleguide (0.8.2)
      rubocop (= 0.68.1)
      rubocop-performance (= 1.1.0)
      rubocop-rspec (= 1.32.0)
    tablesalt (0.8.2)
    technologic (0.8.2)
      activesupport (~> 5.2.1)
      railties (~> 5.2.1)
      short_circu_it (= 0.8.2)

GEM
  remote: https://rubygems.org/
  specs:
    actionpack (5.2.3)
      actionview (= 5.2.3)
      activesupport (= 5.2.3)
      rack (~> 2.0)
      rack-test (>= 0.6.3)
      rails-dom-testing (~> 2.0)
      rails-html-sanitizer (~> 1.0, >= 1.0.2)
    actionview (5.2.3)
      activesupport (= 5.2.3)
      builder (~> 3.1)
      erubi (~> 1.4)
      rails-dom-testing (~> 2.0)
      rails-html-sanitizer (~> 1.0, >= 1.0.3)
    activemodel (5.2.3)
      activesupport (= 5.2.3)
    activesupport (5.2.3)
      concurrent-ruby (~> 1.0, >= 1.0.2)
      i18n (>= 0.7, < 2)
      minitest (~> 5.1)
      tzinfo (~> 1.1)
    ast (2.4.0)
    builder (3.2.3)
    coderay (1.1.2)
    concurrent-ruby (1.1.5)
    crass (1.0.4)
    diff-lcs (1.3)
    docile (1.3.1)
    erubi (1.8.0)
    faker (1.9.3)
      i18n (>= 0.7)
    i18n (1.6.0)
      concurrent-ruby (~> 1.0)
    jaro_winkler (1.5.2)
    json (2.2.0)
    loofah (2.2.3)
      crass (~> 1.0.2)
      nokogiri (>= 1.5.9)
    method_source (0.8.2)
    mini_portile2 (2.4.0)
    minitest (5.11.3)
    nokogiri (1.10.3)
      mini_portile2 (~> 2.4.0)
    parallel (1.17.0)
    parser (2.6.3.0)
      ast (~> 2.4.0)
    pry (0.10.4)
      coderay (~> 1.1.0)
      method_source (~> 0.8.1)
      slop (~> 3.4)
    pry-nav (0.3.0)
      pry (>= 0.9.10, < 0.13.0)
    rack (2.0.7)
    rack-test (1.1.0)
      rack (>= 1.0, < 3)
    rails-dom-testing (2.0.3)
      activesupport (>= 4.2.0)
      nokogiri (>= 1.6)
    rails-html-sanitizer (1.0.4)
      loofah (~> 2.2, >= 2.2.2)
    railties (5.2.3)
      actionpack (= 5.2.3)
      activesupport (= 5.2.3)
      method_source
      rake (>= 0.8.7)
      thor (>= 0.19.0, < 2.0)
    rainbow (3.0.0)
    rake (10.5.0)
    rspec (3.8.0)
      rspec-core (~> 3.8.0)
      rspec-expectations (~> 3.8.0)
      rspec-mocks (~> 3.8.0)
    rspec-core (3.8.0)
      rspec-support (~> 3.8.0)
    rspec-expectations (3.8.3)
      diff-lcs (>= 1.2.0, < 2.0)
      rspec-support (~> 3.8.0)
    rspec-mocks (3.8.0)
      diff-lcs (>= 1.2.0, < 2.0)
      rspec-support (~> 3.8.0)
    rspec-support (3.8.0)
    rubocop (0.68.1)
      jaro_winkler (~> 1.5.1)
      parallel (~> 1.10)
      parser (>= 2.5, != 2.5.1.1)
      rainbow (>= 2.2.2, < 4.0)
      ruby-progressbar (~> 1.7)
      unicode-display_width (>= 1.4.0, < 1.6)
    rubocop-performance (1.1.0)
      rubocop (>= 0.67.0)
    rubocop-rspec (1.32.0)
      rubocop (>= 0.60.0)
    ruby-progressbar (1.10.0)
    shoulda-matchers (4.0.1)
      activesupport (>= 4.2.0)
    simplecov (0.16.1)
      docile (~> 1.1)
      json (>= 1.8, < 3)
      simplecov-html (~> 0.10.0)
    simplecov-html (0.10.2)
    slop (3.6.0)
    thor (0.20.3)
    thread_safe (0.3.6)
    tzinfo (1.2.5)
      thread_safe (~> 0.1)
    unicode-display_width (1.5.0)

PLATFORMS
  ruby

DEPENDENCIES
  bundler (~> 2.0.1)
  faker (~> 1.8)
  pry (~> 0.10.0)
  pry-nav (>= 0.2.4)
  rake (~> 10.0)
  rspec (~> 3.0)
  rspice (= 0.8.2)
  shoulda-matchers (= 4.0.1)
  simplecov (~> 0.16)
  spicerack!
  spicerack-styleguide (= 0.8.2)

BUNDLED WITH
   2.0.1
